GIT
  remote: ccrypto
  revision: 00f0b61a565e75d297c42dc20e01aac167df2a1a
  branch: main
  specs:
    ccrypto (0.1.0)
      teLogger
      toolrack

PATH
  remote: .
  specs:
    ccrypto-java (0.1.0)

GEM
  remote: https://rubygems.org/
  specs:
    base58 (0.2.3)
    diff-lcs (1.5.0)
    rake (13.0.6)
    rspec (3.11.0)
      rspec-core (~> 3.11.0)
      rspec-expectations (~> 3.11.0)
      rspec-mocks (~> 3.11.0)
    rspec-core (3.11.0)
      rspec-support (~> 3.11.0)
    rspec-expectations (3.11.0)
      diff-lcs (>= 1.2.0, < 2.0)
      rspec-support (~> 3.11.0)
    rspec-mocks (3.11.0)
      diff-lcs (>= 1.2.0, < 2.0)
      rspec-support (~> 3.11.0)
    rspec-support (3.11.0)
    teLogger (0.1.0)
    tlogger (0.26.3)
    toolrack (0.18.6)
      base58
      tlogger

PLATFORMS
  universal-java-1.8
  universal-java-11
  x86_64-linux

DEPENDENCIES
  ccrypto!
  ccrypto-java!
  rake (~> 13.0)
  rspec (~> 3.0)

BUNDLED WITH
   2.3.6
