GIT
  remote: ccrypto
  revision: d5378f533cbeff32a8e58c8b15167382c506f490
  branch: main
  specs:
    ccrypto (0.1.0)
      activesupport
      teLogger
      toolrack

PATH
  remote: .
  specs:
    ccrypto-java (0.1.0)
      teLogger
      toolrack

GEM
  remote: https://rubygems.org/
  specs:
    activesupport (6.1.6)
      concurrent-ruby (~> 1.0, >= 1.0.2)
      i18n (>= 1.6, < 2)
      minitest (>= 5.1)
      tzinfo (~> 2.0)
      zeitwerk (~> 2.3)
    base58 (0.2.3)
    concurrent-ruby (1.1.10)
    diff-lcs (1.5.0)
    i18n (1.10.0)
      concurrent-ruby (~> 1.0)
    minitest (5.16.2)
    rake (13.0.6)
    rspec (3.11.0)
      rspec-core (~> 3.11.0)
      rspec-expectations (~> 3.11.0)
      rspec-mocks (~> 3.11.0)
    rspec-core (3.11.0)
      rspec-support (~> 3.11.0)
    rspec-expectations (3.11.0)
      diff-lcs (>= 1.2.0, < 2.0)
      rspec-support (~> 3.11.0)
    rspec-mocks (3.11.0)
      diff-lcs (>= 1.2.0, < 2.0)
      rspec-support (~> 3.11.0)
    rspec-support (3.11.0)
    teLogger (0.1.0)
    tlogger (0.26.3)
    toolrack (0.18.6)
      base58
      tlogger
    tzinfo (2.0.4)
      concurrent-ruby (~> 1.0)
    zeitwerk (2.6.0)

PLATFORMS
  universal-java-1.8
  universal-java-11
  x86_64-linux

DEPENDENCIES
  ccrypto!
  ccrypto-java!
  rake (~> 13.0)
  rspec (~> 3.0)

BUNDLED WITH
   2.3.6
